PATH
  remote: .
  specs:
    active_campaign_webhooks (0.2.9)

GEM
  remote: https://rubygems.org/
  specs:
    rake (12.3.3)

PLATFORMS
  ruby

DEPENDENCIES
  active_campaign_webhooks!
  rake (~> 12.0)

BUNDLED WITH
   2.1.4
